PATH
  remote: .
  specs:
    grape_has_scope (0.1.0)

GEM
  remote: http://rubygems.org/
  specs:

PLATFORMS
  ruby

DEPENDENCIES
  grape_has_scope!
